GEM
  remote: https://rubygems.org/
  specs:
    bubble-wrap (1.6.0)
      bubble-wrap-http (= 1.6.0)
    bubble-wrap-http (1.6.0)
    motion-pixatefreestyle (2.1)
      sass
    ruby_motion_query (0.6.0)
    sass (3.3.9)

PLATFORMS
  ruby

DEPENDENCIES
  bubble-wrap
  motion-pixatefreestyle
  ruby_motion_query
